PATH
  remote: .
  specs:
    Fedex (0.1.1)

GEM
  remote: https://rubygems.org/
  specs:
    addressable (2.8.0)
      public_suffix (>= 2.0.2, < 5.0)
    akami (1.3.1)
      gyoku (>= 0.4.0)
      nokogiri
    builder (3.2.4)
    gyoku (1.4.0)
      builder (>= 2.1.2)
      rexml (~> 3.0)
    httparty (0.20.0)
      mime-types (~> 3.0)
      multi_xml (>= 0.5.2)
    httpi (2.5.0)
      rack
      socksify
    mime-types (3.4.1)
      mime-types-data (~> 3.2015)
    mime-types-data (3.2022.0105)
    multi_xml (0.6.0)
    nokogiri (1.13.7-x86_64-linux)
      racc (~> 1.4)
    nori (2.6.0)
    public_suffix (4.0.7)
    racc (1.6.0)
    rack (2.2.4)
    rake (13.0.6)
    rexml (3.2.5)
    savon (2.12.1)
      akami (~> 1.2)
      builder (>= 2.1.2)
      gyoku (~> 1.2)
      httpi (~> 2.3)
      nokogiri (>= 1.8.1)
      nori (~> 2.4)
      wasabi (~> 3.4)
    socksify (1.7.1)
    wasabi (3.7.0)
      addressable
      httpi (~> 2.0)
      nokogiri (>= 1.4.2)

PLATFORMS
  x86_64-linux

DEPENDENCIES
  Fedex!
  httparty
  rake (~> 13.0)
  savon (~> 2.12.0)

BUNDLED WITH
   2.3.17
